GEM
  remote: https://rubygems.org/
  specs:
    rake (10.3.2)
    rulers (0.0.1)
      rake (~> 10.0)

PLATFORMS
  ruby

DEPENDENCIES
  rulers
